GEM
  remote: https://rubygems.org/
  specs:
    activemodel (6.1.6.1)
      activesupport (= 6.1.6.1)
    activerecord (6.1.6.1)
      activemodel (= 6.1.6.1)
      activesupport (= 6.1.6.1)
    activesupport (6.1.6.1)
      concurrent-ruby (~> 1.0, >= 1.0.2)
      i18n (>= 1.6, < 2)
      minitest (>= 5.1)
      tzinfo (~> 2.0)
      zeitwerk (~> 2.3)
    addressable (2.8.1)
      public_suffix (>= 2.0.2, < 6.0)
    ast (2.4.2)
    byebug (11.1.3)
    concurrent-ruby (1.1.10)
    connection_pool (2.2.5)
    crack (0.4.5)
      rexml
    database_cleaner (2.0.1)
      database_cleaner-active_record (~> 2.0.0)
    database_cleaner-active_record (2.0.1)
      activerecord (>= 5.a)
      database_cleaner-core (~> 2.0.0)
    database_cleaner-core (2.0.1)
    diff-lcs (1.5.0)
    docile (1.4.0)
    dotenv (2.8.1)
    factory_bot (6.2.1)
      activesupport (>= 5.0.0)
    ffi (1.15.5)
    haml (5.2.2)
      temple (>= 0.8.0)
      tilt
    hashdiff (1.0.1)
    i18n (1.12.0)
      concurrent-ruby (~> 1.0)
    jsonapi-serializers (1.0.1)
      activesupport
    launchy (2.5.0)
      addressable (~> 2.7)
    letter_opener (1.8.1)
      launchy (>= 2.2, < 3)
    listen (3.7.1)
      rb-fsevent (~> 0.10, >= 0.10.3)
      rb-inotify (~> 0.9, >= 0.9.10)
    mail (2.7.1)
      mini_mime (>= 0.1.1)
    mini_mime (1.1.2)
    minitest (5.15.0)
    mustermann (2.0.2)
      ruby2_keywords (~> 0.0.1)
    nio4r (2.5.8)
    parallel (1.22.1)
    parser (3.1.2.1)
      ast (~> 2.4.1)
    pg (0.21.0)
    pony (1.13.1)
      mail (>= 2.0)
    public_suffix (4.0.7)
    puma (5.6.4)
      nio4r (~> 2.0)
    rack (2.2.3.1)
    rack-contrib (2.3.0)
      rack (~> 2.0)
    rack-cors (1.1.1)
      rack (>= 2.0.0)
    rack-protection (2.2.2)
      rack
    rack-test (2.0.2)
      rack (>= 1.3)
    racksh (1.0.0)
      rack (>= 1.0)
      rack-test (>= 0.5)
    rainbow (3.1.1)
    rake (13.0.6)
    rb-fsevent (0.11.1)
    rb-inotify (0.10.1)
      ffi (~> 1.0)
    redis (4.7.1)
    regexp_parser (2.5.0)
    rerun (0.13.1)
      listen (~> 3.0)
    rexml (3.2.5)
    rspec (3.11.0)
      rspec-core (~> 3.11.0)
      rspec-expectations (~> 3.11.0)
      rspec-mocks (~> 3.11.0)
    rspec-core (3.11.0)
      rspec-support (~> 3.11.0)
    rspec-expectations (3.11.0)
      diff-lcs (>= 1.2.0, < 2.0)
      rspec-support (~> 3.11.0)
    rspec-json_expectations (2.2.0)
    rspec-mocks (3.11.1)
      diff-lcs (>= 1.2.0, < 2.0)
      rspec-support (~> 3.11.0)
    rspec-support (3.11.0)
    rubocop (1.28.2)
      parallel (~> 1.10)
      parser (>= 3.1.0.0)
      rainbow (>= 2.2.2, < 4.0)
      regexp_parser (>= 1.8, < 3.0)
      rexml
      rubocop-ast (>= 1.17.0, < 2.0)
      ruby-progressbar (~> 1.7)
      unicode-display_width (>= 1.4.0, < 3.0)
    rubocop-ast (1.17.0)
      parser (>= 3.1.1.0)
    ruby-debug-ide (0.7.3)
      rake (>= 0.8.1)
    ruby-progressbar (1.11.0)
    ruby2_keywords (0.0.5)
    sequel (5.59.0)
    sidekiq (6.5.4)
      connection_pool (>= 2.2.2)
      rack (~> 2.0)
      redis (>= 4.5.0)
    simplecov (0.21.2)
      docile (~> 1.1)
      simplecov-html (~> 0.11)
      simplecov_json_formatter (~> 0.1)
    simplecov-html (0.12.3)
    simplecov_json_formatter (0.1.4)
    sinatra (2.2.2)
      mustermann (~> 2.0)
      rack (~> 2.2)
      rack-protection (= 2.2.2)
      tilt (~> 2.0)
    temple (0.8.2)
    tilt (2.0.11)
    timecop (0.9.5)
    tzinfo (2.0.5)
      concurrent-ruby (~> 1.0)
    unicode-display_width (2.2.0)
    vcr (6.0.0)
    webmock (3.18.1)
      addressable (>= 2.8.0)
      crack (>= 0.3.2)
      hashdiff (>= 0.4.0, < 2.0.0)
    zeitwerk (2.6.0)

PLATFORMS
  universal-darwin-21

DEPENDENCIES
  byebug
  database_cleaner
  dotenv
  factory_bot
  haml
  jsonapi-serializers
  letter_opener
  pg (~> 0.18)
  pony
  puma (= 5.6.4)
  rack (~> 2.2.3.1)
  rack-contrib
  rack-cors
  rack-test
  racksh
  rake
  redis
  rerun
  rspec
  rspec-json_expectations
  rubocop
  ruby-debug-ide
  sequel
  sidekiq
  simplecov
  sinatra (~> 2.2.0)
  timecop
  vcr
  webmock

BUNDLED WITH
   2.2.27
